GEM
  remote: http://rubygems.org/
  specs:
    bacon (1.1.0)
    git (1.2.5)
    jeweler (1.5.2)
      bundler (~> 1.0.0)
      git (>= 1.2.5)
      rake
    rake (0.9.2.2)
    rserve-client (0.3.0)
    spec-more (0.0.4)
      bacon

PLATFORMS
  ruby

DEPENDENCIES
  bundler (~> 1.0.0)
  jeweler (~> 1.5.2)
  rserve-client (~> 0.3.0)
  spec-more
